PATH
  remote: .
  specs:
    auto_js (1.0.1)

GEM
  remote: https://rubygems.org/
  specs:

PLATFORMS
  ruby

DEPENDENCIES
  auto_js!
